GEM
  remote: https://rubygems.org/
  specs:
    mini_magick (4.9.5)

PLATFORMS
  ruby

DEPENDENCIES
  mini_magick (~> 4.9.5)

BUNDLED WITH
   2.1.4
